GEM
  remote: https://rubygems.org/
  specs:
    foreman (0.78.0)
      thor (~> 0.19.1)
    subcontractor (0.8.0)
    thor (0.19.1)

PLATFORMS
  ruby

DEPENDENCIES
  foreman
  subcontractor
